GEM
  remote: https://rubygems.org/
  specs:
    addressable (2.7.0)
      public_suffix (>= 2.0.2, < 5.0)
    dpl (1.10.15)
    dpl-pages (1.10.15)
      dpl (= 1.10.15)
      faraday (< 0.16.0)
      octokit (~> 4.6.2)
      public_suffix (< 3.1.0)
    faraday (0.15.4)
      multipart-post (>= 1.2, < 3)
    multipart-post (2.1.1)
    octokit (4.6.2)
      sawyer (~> 0.8.0, >= 0.5.3)
    public_suffix (3.0.3)
    sawyer (0.8.2)
      addressable (>= 2.3.5)
      faraday (> 0.8, < 2.0)

PLATFORMS
  ruby

DEPENDENCIES
  dpl (~> 1.10)
  dpl-pages (~> 1.10)

RUBY VERSION
   ruby 2.6.5p114

BUNDLED WITH
   2.1.4
